GEM
  remote: http://rubygems.org/
  specs:
    bubble-wrap (1.1.5)
    motion-stump (0.2.0)

PLATFORMS
  ruby

DEPENDENCIES
  bubble-wrap
  motion-stump
